GEM
  remote: https://rubygems.org/
  specs:
    ast (2.4.2)
    date (3.3.4)
    fileutils (1.7.2)
    json (2.7.2)
    language_server-protocol (3.17.0.3)
    logger (1.6.1)
    nokogiri (1.16.7-aarch64-linux)
      racc (~> 1.4)
    nokogiri (1.16.7-arm-linux)
      racc (~> 1.4)
    nokogiri (1.16.7-arm64-darwin)
      racc (~> 1.4)
    nokogiri (1.16.7-x86-linux)
      racc (~> 1.4)
    nokogiri (1.16.7-x86_64-darwin)
      racc (~> 1.4)
    nokogiri (1.16.7-x86_64-linux)
      racc (~> 1.4)
    open-uri (0.4.1)
      stringio
      time
      uri
    parallel (1.26.3)
    parser (3.3.5.0)
      ast (~> 2.4.1)
      racc
    racc (1.8.1)
    rainbow (3.1.1)
    regexp_parser (2.9.2)
    rubocop (1.66.1)
      json (~> 2.3)
      language_server-protocol (>= 3.17.0)
      parallel (~> 1.10)
      parser (>= 3.3.0.2)
      rainbow (>= 2.2.2, < 4.0)
      regexp_parser (>= 2.4, < 3.0)
      rubocop-ast (>= 1.32.2, < 2.0)
      ruby-progressbar (~> 1.7)
      unicode-display_width (>= 2.4.0, < 3.0)
    rubocop-ast (1.32.3)
      parser (>= 3.3.1.0)
    ruby-progressbar (1.13.0)
    set (1.1.0)
    stringio (3.1.1)
    time (0.4.0)
      date
    unicode-display_width (2.6.0)
    uri (0.13.1)

PLATFORMS
  aarch64-linux
  arm-linux
  arm64-darwin
  x86-linux
  x86_64-darwin
  x86_64-linux

DEPENDENCIES
  fileutils
  logger
  nokogiri (~> 1.15)
  open-uri
  rubocop
  set
  uri

BUNDLED WITH
   2.5.19
